PATH
  remote: ~/abbot
  specs:
    sproutcore (1.8.0)
      chunky_png (~> 1.2.0)
      compass (~> 0.11.3)
      em-http-request (~> 1.0)
      erubis (~> 2.6)
      extlib (~> 0.9.15)
      haml (~> 3.1.2)
      json_pure (~> 1.4.6)
      rack (~> 1.2)
      sass (~> 3.1.3)
      thin (~> 1.2.11)
      thor (~> 0.14.3)

GEM
  remote: http://rubygems.org/
  specs:
    addressable (2.2.7)
    chunky_png (1.2.5)
    compass (0.11.7)
      chunky_png (~> 1.2)
      fssm (>= 0.2.7)
      sass (~> 3.1)
    cookiejar (0.3.0)
    daemons (1.1.8)
    em-http-request (1.0.1)
      addressable (>= 2.2.3)
      cookiejar
      em-socksify
      eventmachine (>= 1.0.0.beta.4)
      http_parser.rb (>= 0.5.3)
    em-socksify (0.1.0)
      eventmachine
    erubis (2.7.0)
    eventmachine (1.0.0.beta.4)
    extlib (0.9.15)
    fssm (0.2.8.1)
    haml (3.1.4)
    http_parser.rb (0.5.3)
    json_pure (1.4.6)
    rack (1.4.1)
    sass (3.1.15)
    thin (1.2.11)
      daemons (>= 1.0.9)
      eventmachine (>= 0.12.6)
      rack (>= 1.0.0)
    thor (0.14.6)

PLATFORMS
  ruby

DEPENDENCIES
  sproutcore!
